PATH
  remote: .
  specs:
    random-words (1.0.6)
      nokogiri (~> 1.12)

GEM
  remote: https://rubygems.org/
  specs:
    ansi (1.5.0)
    ast (2.4.3)
    awesome_print (1.9.2)
    diff-lcs (1.6.1)
    docile (1.4.1)
    gem-release (2.2.2)
    json (2.10.2)
    language_server-protocol (3.17.0.4)
    lint_roller (1.1.0)
    multi_json (1.15.0)
    nokogiri (1.18.1-arm64-darwin)
      racc (~> 1.4)
    parallel (1.26.3)
    parse_gemspec (1.0.0)
    parse_gemspec-cli (1.0.0)
      multi_json
      parse_gemspec
      thor
    parser (3.3.7.4)
      ast (~> 2.4.1)
      racc
    prism (1.4.0)
    racc (1.8.1)
    rainbow (3.1.1)
    rake (13.2.1)
    rdoc (6.3.4.1)
    regexp_parser (2.10.0)
    rexml (3.4.1)
    rspec (3.13.0)
      rspec-core (~> 3.13.0)
      rspec-expectations (~> 3.13.0)
      rspec-mocks (~> 3.13.0)
    rspec-core (3.13.3)
      rspec-support (~> 3.13.0)
    rspec-expectations (3.13.3)
      diff-lcs (>= 1.2.0, < 2.0)
      rspec-support (~> 3.13.0)
    rspec-mocks (3.13.2)
      diff-lcs (>= 1.2.0, < 2.0)
      rspec-support (~> 3.13.0)
    rspec-support (3.13.2)
    rubocop (1.52.1)
      json (~> 2.3)
      parallel (~> 1.10)
      parser (>= 3.2.2.3)
      rainbow (>= 2.2.2, < 4.0)
      regexp_parser (>= 1.8, < 3.0)
      rexml (>= 3.2.5, < 4.0)
      rubocop-ast (>= 1.28.0, < 2.0)
      ruby-progressbar (~> 1.7)
      unicode-display_width (>= 2.4.0, < 3.0)
    rubocop-ast (1.43.0)
      parser (>= 3.3.7.2)
      prism (~> 1.4)
    rubocop-performance (1.18.0)
      rubocop (>= 1.7.0, < 2.0)
      rubocop-ast (>= 0.4.0)
    ruby-progressbar (1.13.0)
    simplecov (0.22.0)
      docile (~> 1.1)
      simplecov-html (~> 0.11)
      simplecov_json_formatter (~> 0.1)
    simplecov-console (0.9.1)
      ansi
      simplecov
      terminal-table
    simplecov-html (0.13.1)
    simplecov_json_formatter (0.1.4)
    standard (1.29.0)
      language_server-protocol (~> 3.17.0.2)
      lint_roller (~> 1.0)
      rubocop (~> 1.52.0)
      standard-custom (~> 1.0.0)
      standard-performance (~> 1.1.0)
    standard-custom (1.0.1)
      lint_roller (~> 1.0)
    standard-performance (1.1.0)
      lint_roller (~> 1.0)
      rubocop-performance (~> 1.18.0)
    terminal-table (3.0.2)
      unicode-display_width (>= 1.1.1, < 3)
    thor (1.3.2)
    unicode-display_width (2.6.0)
    yard (0.9.37)

PLATFORMS
  arm64-darwin-24
  ruby

DEPENDENCIES
  awesome_print (~> 1.9)
  bundler (~> 2.0)
  gem-release (~> 2.2)
  parse_gemspec-cli (~> 1.0)
  rake (~> 13.0)
  random-words!
  rdoc (~> 6.3.4.1)
  rspec (~> 3.0)
  simplecov (~> 0.21)
  simplecov-console (~> 0.9)
  standard (~> 1.3)
  yard (~> 0.9, >= 0.9.36)

BUNDLED WITH
   2.6.6
